GEM
  remote: http://rubygems.org/
  specs:
    docopt (0.5.0)
    midilib (2.0.5)
    musicality (0.10.2)
      docopt (~> 0.5)
      midilib (~> 2.0)
      os (~> 0.9)
      treetop (~> 1.5)
    os (0.9.6)
    polyglot (0.3.5)
    treetop (1.6.3)
      polyglot (~> 0.3)

PLATFORMS
  ruby

DEPENDENCIES
  musicality (~> 0.10.2)

BUNDLED WITH
   1.10.6
