GEM
  remote: http://rubygems.org/
  specs:
    docopt (0.5.0)
    midilib (2.0.4)
    musicality (0.5.1)
      docopt (~> 0.5)
      midilib (~> 2.0)
      treetop (~> 1.5)
    polyglot (0.3.5)
    treetop (1.6.2)
      polyglot (~> 0.3)

PLATFORMS
  ruby

DEPENDENCIES
  musicality (~> 0.5.1)
